GEM
  remote: https://rubygems.org/
  specs:
    atk (3.0.7)
      glib2 (= 3.0.7)
    cairo (1.14.3)
      pkg-config (>= 1.1.5)
    coderay (1.1.0)
    diff-lcs (1.2.5)
    ffi (1.9.10)
    ffi (1.9.10-java)
    formatador (0.2.5)
    gdk_pixbuf2 (3.0.7)
      glib2 (= 3.0.7)
    glib2 (3.0.7)
      pkg-config
    green_shoes (1.1.374)
      gtk2
    gtk2 (3.0.7)
      atk (= 3.0.7)
      gdk_pixbuf2 (= 3.0.7)
      pango (= 3.0.7)
    guard (2.13.0)
      formatador (>= 0.2.4)
      listen (>= 2.7, <= 4.0)
      lumberjack (~> 1.0)
      nenv (~> 0.1)
      notiffany (~> 0.0)
      pry (>= 0.9.12)
      shellany (~> 0.0)
      thor (>= 0.18.1)
    guard-bundler (2.1.0)
      bundler (~> 1.0)
      guard (~> 2.2)
      guard-compat (~> 1.1)
    guard-compat (1.2.1)
    guard-rspec (4.6.4)
      guard (~> 2.1)
      guard-compat (~> 1.1)
      rspec (>= 2.99.0, < 4.0)
    listen (3.0.4)
      rb-fsevent (>= 0.9.3)
      rb-inotify (>= 0.9)
    lumberjack (1.0.9)
    method_source (0.8.2)
    nenv (0.2.0)
    notiffany (0.0.8)
      nenv (~> 0.1)
      shellany (~> 0.0)
    pango (3.0.7)
      cairo (>= 1.14.0)
      glib2 (= 3.0.7)
    pkg-config (1.1.6)
    pry (0.10.1)
      coderay (~> 1.1.0)
      method_source (~> 0.8.1)
      slop (~> 3.4)
    pry (0.10.1-java)
      coderay (~> 1.1.0)
      method_source (~> 0.8.1)
      slop (~> 3.4)
      spoon (~> 0.0)
    rb-fsevent (0.9.6)
    rb-inotify (0.9.5)
      ffi (>= 0.5.0)
    require_all (1.3.2)
    rspec (3.3.0)
      rspec-core (~> 3.3.0)
      rspec-expectations (~> 3.3.0)
      rspec-mocks (~> 3.3.0)
    rspec-core (3.3.1)
      rspec-support (~> 3.3.0)
    rspec-expectations (3.3.0)
      diff-lcs (>= 1.2.0, < 2.0)
      rspec-support (~> 3.3.0)
    rspec-mocks (3.3.1)
      diff-lcs (>= 1.2.0, < 2.0)
      rspec-support (~> 3.3.0)
    rspec-support (3.3.0)
    shellany (0.0.1)
    slop (3.6.0)
    spoon (0.0.4)
      ffi
    thor (0.19.1)

PLATFORMS
  java
  ruby

DEPENDENCIES
  green_shoes (~> 1.1, >= 1.1.374)
  guard
  guard-bundler
  guard-rspec
  pry
  require_all
  rspec

BUNDLED WITH
   1.10.6
