GEM
  remote: https://rubygems.org/
  specs:
    interface (1.0.3)
    require_all (1.3.2)

PLATFORMS
  ruby

DEPENDENCIES
  interface (~> 1.0.3)
  require_all
